GIT
  remote: https://github.com/pwnall/grit.git
  revision: 750045fdc460905e4ada315a3cf13623b6c8c362
  branch: gitty
  specs:
    grit (2.5.0)
      diff-lcs (~> 1.1)
      mime-types (~> 1.15)
      posix-spawn (~> 0.3.6)

GEM
  remote: http://rubygems.org/
  specs:
    RedCloth (4.2.9)
    actionmailer (4.0.2)
      actionpack (= 4.0.2)
      mail (~> 2.5.4)
    actionpack (4.0.2)
      activesupport (= 4.0.2)
      builder (~> 3.1.0)
      erubis (~> 2.7.0)
      rack (~> 1.5.2)
      rack-test (~> 0.6.2)
    activemodel (4.0.2)
      activesupport (= 4.0.2)
      builder (~> 3.1.0)
    activerecord (4.0.2)
      activemodel (= 4.0.2)
      activerecord-deprecated_finders (~> 1.0.2)
      activesupport (= 4.0.2)
      arel (~> 4.0.0)
    activerecord-deprecated_finders (1.0.3)
    activesupport (4.0.2)
      i18n (~> 0.6, >= 0.6.4)
      minitest (~> 4.2)
      multi_json (~> 1.3)
      thread_safe (~> 0.1)
      tzinfo (~> 0.3.37)
    arel (4.0.1)
    atomic (1.1.14)
    authpwn_rails (0.14.1)
      fbgraph_rails (>= 0.2.2)
      rails (>= 3.2.16)
    better_errors (1.0.1)
      coderay (>= 1.0.0)
      erubis (>= 2.6.6)
    binding_of_caller (0.7.2)
      debug_inspector (>= 0.0.1)
    builder (3.1.4)
    coderay (1.1.0)
    coffee-rails (4.0.1)
      coffee-script (>= 2.2.0)
      railties (>= 4.0.0, < 5.0)
    coffee-script (2.2.0)
      coffee-script-source
      execjs
    coffee-script-source (1.6.3)
    configvars_rails (0.6.1)
      rails (>= 3.2.16)
    creole (0.5.0)
    daemons (1.1.9)
    debug_inspector (0.0.2)
    diff-lcs (1.2.5)
    erubis (2.7.0)
    eventmachine (1.0.3)
    execjs (2.0.2)
    expression_parser (0.9.0)
    faraday (0.8.8)
      multipart-post (~> 1.2.0)
    fbgraph (1.10.0)
      activesupport
      faraday (>= 0.7.5)
      hashie (>= 1.0.0)
      i18n
      json (>= 1.0.0)
      oauth2 (>= 0.5.0)
      rest-client
    fbgraph_rails (0.2.2)
      erubis (>= 2.7.0)
      fbgraph (>= 1.8.3)
      json (>= 1.6.1)
      oauth2 (>= 0.5.0)
      rails (>= 3.1.0)
    github-markup (1.0.0)
    gravatar-ultimate (2.0.0)
      activesupport (>= 2.3.14)
      rack
    hashie (2.0.5)
    hike (1.2.3)
    hodel_3000_compliant_logger (0.1.1)
    httpauth (0.2.0)
    i18n (0.6.9)
    jquery-rails (3.0.4)
      railties (>= 3.0, < 5.0)
      thor (>= 0.14, < 2.0)
    json (1.8.1)
    jwt (0.1.8)
      multi_json (>= 1.5)
    libv8 (3.16.14.3)
    mail (2.5.4)
      mime-types (~> 1.16)
      treetop (~> 1.4.8)
    markdpwn (0.1.7)
      RedCloth (>= 4.2.9)
      creole (>= 0.5.0)
      github-markup (>= 0.7.5)
      org-ruby (>= 0.8.1)
      pygments.rb (>= 0.5.2)
      rdoc (~> 3.12)
      redcarpet (>= 3.0.0)
      wikicloth (>= 0.8.0)
    metaclass (0.0.1)
    mime-types (1.25.1)
    minitest (4.7.5)
    mocha (0.14.0)
      metaclass (~> 0.0.1)
    multi_json (1.8.2)
    multi_xml (0.5.5)
    multipart-post (1.2.0)
    mysql2 (0.3.14)
    net-ssh (2.7.0)
    oauth2 (0.9.2)
      faraday (~> 0.8)
      httpauth (~> 0.2)
      jwt (~> 0.1.4)
      multi_json (~> 1.0)
      multi_xml (~> 0.5)
      rack (~> 1.2)
    oink (0.10.1)
      activerecord
      hodel_3000_compliant_logger
    org-ruby (0.8.2)
      rubypants (>= 0.2.0)
    polyglot (0.3.3)
    posix-spawn (0.3.8)
    pygments.rb (0.5.4)
      posix-spawn (~> 0.3.6)
      yajl-ruby (~> 1.1.0)
    rack (1.5.2)
    rack-test (0.6.2)
      rack (>= 1.0)
    railroady (1.1.1)
    rails (4.0.2)
      actionmailer (= 4.0.2)
      actionpack (= 4.0.2)
      activerecord (= 4.0.2)
      activesupport (= 4.0.2)
      bundler (>= 1.3.0, < 2.0)
      railties (= 4.0.2)
      sprockets-rails (~> 2.0.0)
    railties (4.0.2)
      actionpack (= 4.0.2)
      activesupport (= 4.0.2)
      rake (>= 0.8.7)
      thor (>= 0.18.1, < 2.0)
    rake (10.1.0)
    rbtree (0.4.1)
    rbtree-pure (0.1.1)
    rdoc (3.12.2)
      json (~> 1.4)
    redcarpet (3.0.0)
    ref (1.0.5)
    rest-client (1.6.7)
      mime-types (>= 1.16)
    rubypants (0.2.0)
    sass (3.2.12)
    sass-rails (4.0.1)
      railties (>= 4.0.0, < 5.0)
      sass (>= 3.1.10)
      sprockets-rails (~> 2.0.0)
    sprockets (2.10.1)
      hike (~> 1.2)
      multi_json (~> 1.0)
      rack (~> 1.0)
      tilt (~> 1.1, != 1.3.0)
    sprockets-rails (2.0.1)
      actionpack (>= 3.0)
      activesupport (>= 3.0)
      sprockets (~> 2.8)
    sqlite3 (1.3.8)
    therubyracer (0.12.0)
      libv8 (~> 3.16.14.0)
      ref
    thin (1.6.1)
      daemons (>= 1.0.9)
      eventmachine (>= 1.0.0)
      rack (>= 1.0.0)
    thor (0.18.1)
    thread_safe (0.1.3)
      atomic
    tilt (1.4.1)
    topological_sort (0.1.1)
    treetop (1.4.15)
      polyglot
      polyglot (>= 0.3.1)
    tzinfo (0.3.38)
    uglifier (2.3.2)
      execjs (>= 0.3.0)
      json (>= 1.8.0)
    wikicloth (0.8.0)
      builder
      expression_parser
    yajl-ruby (1.1.0)

PLATFORMS
  ruby

DEPENDENCIES
  authpwn_rails (>= 0.14.1)
  better_errors
  binding_of_caller
  coffee-rails (>= 4.0.1)
  coffee-script-source (>= 1.6.3)
  configvars_rails (>= 0.6.1)
  gravatar-ultimate (>= 2.0.0)
  grit!
  jquery-rails (>= 2.2.1)
  json
  markdpwn (>= 0.1.7)
  mocha (>= 0.14.0)
  mysql2 (>= 0.3.14)
  net-ssh (>= 2.7.0)
  oink (>= 0.10.1)
  posix-spawn (>= 0.3.6)
  railroady (>= 0.4.5)
  rails (>= 4.0.2)
  rbtree (>= 0.4.1)
  rbtree-pure (>= 0.1.1)
  rdoc (~> 3.12)
  sass-rails (>= 4.0.0)
  sqlite3 (>= 1.3.8)
  therubyracer (>= 0.12.0)
  thin (>= 1.6.1)
  topological_sort (>= 0.1.1)
  uglifier (>= 2.3.2)
