GIT
  remote: git://github.com/pwnall/gravtastic.git
  revision: 862b7170338bacbba40061c5765599e954706b76
  ref: 862b7170338bacbba40061c5765599e954706b76
  specs:
    gravtastic (3.1.0)

GIT
  remote: git://github.com/pwnall/grit.git
  revision: feea8aed2543efa74674c2d4f448496e8d9e7488
  branch: hunks
  specs:
    grit (2.3.0)
      diff-lcs (~> 1.1)
      mime-types (~> 1.15)

GEM
  remote: http://rubygems.org/
  specs:
    abstract (1.0.0)
    actionmailer (3.0.9)
      actionpack (= 3.0.9)
      mail (~> 2.2.19)
    actionpack (3.0.9)
      activemodel (= 3.0.9)
      activesupport (= 3.0.9)
      builder (~> 2.1.2)
      erubis (~> 2.6.6)
      i18n (~> 0.5.0)
      rack (~> 1.2.1)
      rack-mount (~> 0.6.14)
      rack-test (~> 0.5.7)
      tzinfo (~> 0.3.23)
    activemodel (3.0.9)
      activesupport (= 3.0.9)
      builder (~> 2.1.2)
      i18n (~> 0.5.0)
    activerecord (3.0.9)
      activemodel (= 3.0.9)
      activesupport (= 3.0.9)
      arel (~> 2.0.10)
      tzinfo (~> 0.3.23)
    activeresource (3.0.9)
      activemodel (= 3.0.9)
      activesupport (= 3.0.9)
    activesupport (3.0.9)
    addressable (2.2.6)
    arel (2.0.10)
    authpwn_rails (0.8.1)
      fbgraph_rails (>= 0.1.7)
      rails (>= 3.0.0)
    builder (2.1.2)
    configvars_rails (0.4.4)
      rails (>= 3.0.0)
    daemons (1.1.4)
    diff-lcs (1.1.2)
    erubis (2.6.6)
      abstract (>= 1.0.0)
    eventmachine (0.12.10)
    faraday (0.6.1)
      addressable (~> 2.2.4)
      multipart-post (~> 1.1.0)
      rack (< 2, >= 1.1.0)
    fbgraph (1.8.0)
      activesupport
      activesupport
      hashie
      hashie
      i18n
      i18n
      json
      json
      oauth2
      oauth2
      rest-client
      rest-client
      typhoeus
      typhoeus
    fbgraph_rails (0.1.7)
      erubis (>= 2.3.5)
      fbgraph (>= 0.0.5)
      json (>= 1.4.2)
      oauth2 (>= 0.0.8)
    hashie (1.0.0)
    i18n (0.5.0)
    json (1.5.3)
    mail (2.2.19)
      activesupport (>= 2.3.6)
      i18n (>= 0.4.0)
      mime-types (~> 1.16)
      treetop (~> 1.4.8)
    mime-types (1.16)
    mocha (0.9.12)
    multi_json (1.0.3)
    multipart-post (1.1.2)
    mysql2 (0.2.11)
    net-ssh (2.1.4)
    oauth2 (0.4.1)
      faraday (~> 0.6.1)
      multi_json (>= 0.0.5)
    polyglot (0.3.1)
    rack (1.2.3)
    rack-mount (0.6.14)
      rack (>= 1.0.0)
    rack-test (0.5.7)
      rack (>= 1.0)
    rails (3.0.9)
      actionmailer (= 3.0.9)
      actionpack (= 3.0.9)
      activerecord (= 3.0.9)
      activeresource (= 3.0.9)
      activesupport (= 3.0.9)
      bundler (~> 1.0)
      railties (= 3.0.9)
    railties (3.0.9)
      actionpack (= 3.0.9)
      activesupport (= 3.0.9)
      rake (>= 0.8.7)
      rdoc (~> 3.4)
      thor (~> 0.14.4)
    rake (0.9.2)
    rbtree (0.3.0)
    rdoc (3.6.1)
    rest-client (1.6.3)
      mime-types (>= 1.16)
    thin (1.2.11)
      daemons (>= 1.0.9)
      eventmachine (>= 0.12.6)
      rack (>= 1.0.0)
    thor (0.14.6)
    topological_sort (0.1.1)
    treetop (1.4.9)
      polyglot (>= 0.3.1)
    typhoeus (0.2.4)
      mime-types
      mime-types
    tzinfo (0.3.28)

PLATFORMS
  ruby

DEPENDENCIES
  authpwn_rails (>= 0.8.0)
  configvars_rails (>= 0.4.3)
  gravtastic!
  grit!
  json
  mocha
  mysql2 (~> 0.2.6)
  net-ssh
  rails (>= 3.0.0)
  rbtree
  thin
  topological_sort
