GIT
  remote: git://github.com/pwnall/grit.git
  revision: 53cb4c40806ad21ef07e08b940d631c536387923
  branch: hunks
  specs:
    grit (2.3.0)
      diff-lcs (~> 1.1)
      mime-types (~> 1.15)

GEM
  remote: http://rubygems.org/
  specs:
    abstract (1.0.0)
    actionmailer (3.0.3)
      actionpack (= 3.0.3)
      mail (~> 2.2.9)
    actionpack (3.0.3)
      activemodel (= 3.0.3)
      activesupport (= 3.0.3)
      builder (~> 2.1.2)
      erubis (~> 2.6.6)
      i18n (~> 0.4)
      rack (~> 1.2.1)
      rack-mount (~> 0.6.13)
      rack-test (~> 0.5.6)
      tzinfo (~> 0.3.23)
    activemodel (3.0.3)
      activesupport (= 3.0.3)
      builder (~> 2.1.2)
      i18n (~> 0.4)
    activerecord (3.0.3)
      activemodel (= 3.0.3)
      activesupport (= 3.0.3)
      arel (~> 2.0.2)
      tzinfo (~> 0.3.23)
    activeresource (3.0.3)
      activemodel (= 3.0.3)
      activesupport (= 3.0.3)
    activesupport (3.0.3)
    addressable (2.2.2)
    arel (2.0.6)
    authpwn_rails (0.6.0)
      fbgraph_rails (>= 0.1.3)
      rails (>= 3.0.0)
    builder (2.1.2)
    configvars_rails (0.3.1)
      rails (>= 3.0.0)
    daemons (1.1.0)
    diff-lcs (1.1.2)
    echoe (4.3.1)
      gemcutter
      rubyforge
    erubis (2.6.6)
      abstract (>= 1.0.0)
    eventmachine (0.12.10)
    fakeweb (1.3.0)
    faraday (0.5.3)
      addressable (~> 2.2.2)
      multipart-post (~> 1.0.1)
      rack (>= 1.1.0, < 2)
    fbgraph (1.5.2)
      activesupport
      activesupport
      bundler
      bundler
      echoe
      echoe
      fakeweb
      fakeweb
      hashie
      hashie
      jeweler
      jeweler
      json
      json
      oauth2
      oauth2
      rake
      rake
      rcov
      rcov
      redgreen
      redgreen
      rest-client
      rest-client
      rspec
      rspec
    fbgraph_rails (0.1.7)
      erubis (>= 2.3.5)
      fbgraph (>= 0.0.5)
      json (>= 1.4.2)
      oauth2 (>= 0.0.8)
    gemcutter (0.6.1)
    git (1.2.5)
    hashie (0.4.0)
    i18n (0.5.0)
    jeweler (1.5.1)
      bundler (~> 1.0.0)
      git (>= 1.2.5)
      rake
    json (1.4.6)
    json_pure (1.4.6)
    mail (2.2.12)
      activesupport (>= 2.3.6)
      i18n (>= 0.4.0)
      mime-types (~> 1.16)
      treetop (~> 1.4.8)
    mime-types (1.16)
    mocha (0.9.10)
      rake
    multi_json (0.0.5)
    multipart-post (1.0.1)
    mysql2 (0.2.6)
    net-ssh (2.0.23)
    oauth2 (0.1.0)
      faraday (~> 0.5.0)
      multi_json (~> 0.0.4)
    polyglot (0.3.1)
    rack (1.2.1)
    rack-mount (0.6.13)
      rack (>= 1.0.0)
    rack-test (0.5.6)
      rack (>= 1.0)
    rails (3.0.3)
      actionmailer (= 3.0.3)
      actionpack (= 3.0.3)
      activerecord (= 3.0.3)
      activeresource (= 3.0.3)
      activesupport (= 3.0.3)
      bundler (~> 1.0)
      railties (= 3.0.3)
    railties (3.0.3)
      actionpack (= 3.0.3)
      activesupport (= 3.0.3)
      rake (>= 0.8.7)
      thor (~> 0.14.4)
    rake (0.8.7)
    rbtree (0.3.0)
    rcov (0.9.9)
    redgreen (1.2.2)
    rest-client (1.6.1)
      mime-types (>= 1.16)
    rspec (2.2.0)
      rspec-core (~> 2.2)
      rspec-expectations (~> 2.2)
      rspec-mocks (~> 2.2)
    rspec-core (2.2.1)
    rspec-expectations (2.2.0)
      diff-lcs (~> 1.1.2)
    rspec-mocks (2.2.0)
    rubyforge (2.0.4)
      json_pure (>= 1.1.7)
    thin (1.2.7)
      daemons (>= 1.0.9)
      eventmachine (>= 0.12.6)
      rack (>= 1.0.0)
    thor (0.14.6)
    topological_sort (0.1.1)
    treetop (1.4.9)
      polyglot (>= 0.3.1)
    tzinfo (0.3.23)

PLATFORMS
  ruby

DEPENDENCIES
  authpwn_rails
  configvars_rails
  grit!
  json
  mocha
  mysql2
  net-ssh
  rails (>= 3.0.0)
  rbtree
  thin
  topological_sort
