GIT
  remote: https://github.com/libgit2/rugged
  revision: be7fb899280ebd54915fa8dbbfc13df784719795
  ref: be7fb899280ebd54915fa8dbbfc13df784719795
  submodules: true
  specs:
    rugged (0.21.1b2)

GIT
  remote: https://github.com/pwnall/grit.git
  revision: 750045fdc460905e4ada315a3cf13623b6c8c362
  branch: gitty
  specs:
    grit (2.5.0)
      diff-lcs (~> 1.1)
      mime-types (~> 1.15)
      posix-spawn (~> 0.3.6)

GEM
  remote: https://rubygems.org/
  specs:
    RedCloth (4.2.9)
    actionmailer (4.2.3)
      actionpack (= 4.2.3)
      actionview (= 4.2.3)
      activejob (= 4.2.3)
      mail (~> 2.5, >= 2.5.4)
      rails-dom-testing (~> 1.0, >= 1.0.5)
    actionpack (4.2.3)
      actionview (= 4.2.3)
      activesupport (= 4.2.3)
      rack (~> 1.6)
      rack-test (~> 0.6.2)
      rails-dom-testing (~> 1.0, >= 1.0.5)
      rails-html-sanitizer (~> 1.0, >= 1.0.2)
    actionview (4.2.3)
      activesupport (= 4.2.3)
      builder (~> 3.1)
      erubis (~> 2.7.0)
      rails-dom-testing (~> 1.0, >= 1.0.5)
      rails-html-sanitizer (~> 1.0, >= 1.0.2)
    activejob (4.2.3)
      activesupport (= 4.2.3)
      globalid (>= 0.3.0)
    activemodel (4.2.3)
      activesupport (= 4.2.3)
      builder (~> 3.1)
    activerecord (4.2.3)
      activemodel (= 4.2.3)
      activesupport (= 4.2.3)
      arel (~> 6.0)
    activesupport (4.2.3)
      i18n (~> 0.7)
      json (~> 1.7, >= 1.7.7)
      minitest (~> 5.1)
      thread_safe (~> 0.3, >= 0.3.4)
      tzinfo (~> 1.1)
    arel (6.0.2)
    asciidoctor (1.5.2)
    authpwn_rails (0.18.2)
      rails (>= 4.0.13)
    better_errors (2.1.1)
      coderay (>= 1.0.0)
      erubis (>= 2.6.6)
      rack (>= 0.9.0)
    binding_of_caller (0.7.2)
      debug_inspector (>= 0.0.1)
    builder (3.2.2)
    byebug (5.0.0)
      columnize (= 0.9.0)
    coderay (1.1.0)
    coffee-rails (4.1.0)
      coffee-script (>= 2.2.0)
      railties (>= 4.0.0, < 5.0)
    coffee-script (2.4.1)
      coffee-script-source
      execjs
    coffee-script-source (1.9.1.1)
    columnize (0.9.0)
    configvars_rails (0.6.1)
      rails (>= 3.2.16)
    creole (0.5.0)
    daemons (1.2.3)
    debug_inspector (0.0.2)
    diff-lcs (1.2.5)
    erubis (2.7.0)
    eventmachine (1.0.7)
    execjs (2.5.2)
    expression_parser (0.9.0)
    font-awesome-rails (4.3.0.0)
      railties (>= 3.2, < 5.0)
    foundation-rails (5.5.2.1)
      railties (>= 3.1.0)
      sass (>= 3.3.0, < 3.5)
    github-markup (1.3.3)
    globalid (0.3.5)
      activesupport (>= 4.1.0)
    gravatar-ultimate (2.0.0)
      activesupport (>= 2.3.14)
      rack
    hodel_3000_compliant_logger (0.1.1)
    htmlentities (4.3.4)
    i18n (0.7.0)
    jquery-rails (4.0.4)
      rails-dom-testing (~> 1.0)
      railties (>= 4.2.0)
      thor (>= 0.14, < 2.0)
    json (1.8.3)
    libv8 (3.16.14.11)
    loofah (2.0.2)
      nokogiri (>= 1.5.9)
    mail (2.6.3)
      mime-types (>= 1.16, < 3)
    markdpwn (0.2.0)
      RedCloth (>= 4.2.9)
      asciidoctor (>= 0.1.4)
      creole (>= 0.5.0)
      github-markup (>= 1.2.1)
      org-ruby (>= 0.9.7)
      pygments.rb (>= 0.5.2)
      redcarpet (>= 3.1.2)
      wikicloth (>= 0.8.1)
    metaclass (0.0.4)
    mime-types (1.25.1)
    mini_portile (0.6.2)
    minitest (5.7.0)
    mocha (1.1.0)
      metaclass (~> 0.0.1)
    mysql2 (0.3.18)
    net-ssh (2.9.2)
    nokogiri (1.6.6.2)
      mini_portile (~> 0.6.0)
    oink (0.10.1)
      activerecord
      hodel_3000_compliant_logger
    org-ruby (0.9.12)
      rubypants (~> 0.2)
    posix-spawn (0.3.11)
    pygments.rb (0.6.3)
      posix-spawn (~> 0.3.6)
      yajl-ruby (~> 1.2.0)
    rack (1.6.4)
    rack-test (0.6.3)
      rack (>= 1.0)
    railroady (1.3.0)
    rails (4.2.3)
      actionmailer (= 4.2.3)
      actionpack (= 4.2.3)
      actionview (= 4.2.3)
      activejob (= 4.2.3)
      activemodel (= 4.2.3)
      activerecord (= 4.2.3)
      activesupport (= 4.2.3)
      bundler (>= 1.3.0, < 2.0)
      railties (= 4.2.3)
      sprockets-rails
    rails-deprecated_sanitizer (1.0.3)
      activesupport (>= 4.2.0.alpha)
    rails-dom-testing (1.0.6)
      activesupport (>= 4.2.0.beta, < 5.0)
      nokogiri (~> 1.6.0)
      rails-deprecated_sanitizer (>= 1.0.1)
    rails-html-sanitizer (1.0.2)
      loofah (~> 2.0)
    railties (4.2.3)
      actionpack (= 4.2.3)
      activesupport (= 4.2.3)
      rake (>= 0.8.7)
      thor (>= 0.18.1, < 2.0)
    rake (10.4.2)
    rbtree (0.4.2)
    rbtree-pure (0.1.1)
    redcarpet (3.3.2)
    ref (2.0.0)
    rubypants (0.2.0)
    sass (3.4.16)
    sass-rails (5.0.3)
      railties (>= 4.0.0, < 5.0)
      sass (~> 3.1)
      sprockets (>= 2.8, < 4.0)
      sprockets-rails (>= 2.0, < 4.0)
      tilt (~> 1.1)
    sprockets (3.2.0)
      rack (~> 1.0)
    sprockets-rails (2.3.2)
      actionpack (>= 3.0)
      activesupport (>= 3.0)
      sprockets (>= 2.8, < 4.0)
    sqlite3 (1.3.10)
    therubyracer (0.12.2)
      libv8 (~> 3.16.14.0)
      ref
    thin (1.6.3)
      daemons (~> 1.0, >= 1.0.9)
      eventmachine (~> 1.0)
      rack (~> 1.0)
    thor (0.19.1)
    thread_safe (0.3.5)
    tilt (1.4.1)
    topological_sort (0.1.1)
    twitter-text (1.12.0)
      unf (~> 0.1.0)
    tzinfo (1.2.2)
      thread_safe (~> 0.1)
    uglifier (2.7.1)
      execjs (>= 0.3.0)
      json (>= 1.8.0)
    unf (0.1.4)
      unf_ext
    unf_ext (0.0.7.1)
    wikicloth (0.8.3)
      builder
      expression_parser
      htmlentities
      nokogiri
      twitter-text
    yajl-ruby (1.2.1)

PLATFORMS
  ruby

DEPENDENCIES
  authpwn_rails (>= 0.18.2)
  better_errors
  binding_of_caller
  byebug
  coffee-rails (>= 4.1.0)
  configvars_rails (>= 0.6.1)
  font-awesome-rails (>= 4.3.0.0)
  foundation-rails (>= 5.5.2.1)
  gravatar-ultimate (>= 2.0.0)
  grit!
  jquery-rails (>= 4.0.4)
  markdpwn (>= 0.2.0)
  mocha (>= 1.1.0)
  mysql2 (>= 0.3.18)
  net-ssh (>= 2.9.2)
  oink (>= 0.10.1)
  posix-spawn (>= 0.3.11)
  railroady (>= 1.1.2)
  rails (>= 4.2.3)
  rbtree (>= 0.4.2)
  rbtree-pure (>= 0.1.1)
  rugged (>= 0.21.0)!
  sass-rails (>= 5.0.3)
  sqlite3 (>= 1.3.10)
  therubyracer (>= 0.12.2)
  thin (>= 1.6.3)
  topological_sort (>= 0.1.1)
  uglifier (>= 2.7.1)

BUNDLED WITH
   1.10.5
